PATH
  remote: .
  specs:
    pokepay_partner_ruby_sdk (0.2.0)
      inifile (~> 3.0.0)
      json (~> 2.3.0)
      openssl (~> 2.1.2)

GEM
  remote: https://rubygems.org/
  specs:
    inifile (3.0.0)
    ipaddr (1.2.2)
    json (2.3.1)
    minitest (5.14.4)
    openssl (2.1.2)
      ipaddr
    rake (13.0.1)

PLATFORMS
  ruby

DEPENDENCIES
  bundler (~> 2.0)
  minitest (~> 5.0)
  pokepay_partner_ruby_sdk!
  rake (~> 13.0)

BUNDLED WITH
   2.2.3
